GEM
  remote: https://rubygems.org/
  specs:
    dotenv (2.1.1)
    hashie (3.4.3)
    httparty (0.14.0)
      multi_xml (>= 0.5.2)
    multi_xml (0.5.5)

PLATFORMS
  ruby

DEPENDENCIES
  bundler
  dotenv
  hashie
  httparty

RUBY VERSION
   ruby 2.2.2p95

BUNDLED WITH
   1.12.5
